{
  "TaskName": "trapezoid",
  "EMGReference": "ChannelSpecific",
  "SamplingFrequency": 10000.0,
  "PowerLineFrequency": 50.0,
  "RecordingType": "continuous",
  "EMGPlacementScheme": "ChannelSpecific",
  "HardwareFilters": {
    "Description": "n/a"
  },
  "SoftwareFilters": "n/a",
  "EMGChannelCount": 64,
  "BIDSVersion": "1.10.0",
  "RecordingDuration": 5.0
}